PATH
  remote: .
  specs:
    mupnp (0.2.0)

GEM
  remote: http://rubygems.org/
  specs:
    rake (0.9.2.2)

PLATFORMS
  ruby

DEPENDENCIES
  mupnp!
  rake
